PATH
  remote: .
  specs:
    rainfall (0.1.4)
      cloudapp_api (~> 0.4.0)
      httparty (~> 0.12.0)
      stamp

GEM
  remote: https://rubygems.org/
  specs:
    cloudapp_api (0.4.0)
      httparty
      mime-types
    httparty (0.12.0)
      json (~> 1.8)
      multi_xml (>= 0.5.2)
    json (1.8.6)
    mime-types (3.3.1)
      mime-types-data (~> 3.2015)
    mime-types-data (3.2020.0512)
    multi_xml (0.6.0)
    rake (12.3.3)
    stamp (0.6.0)

PLATFORMS
  ruby

DEPENDENCIES
  rainfall!
  rake
